GEM
  remote: https://rubygems.org/
  specs:
    date (1.0.0)
    json (2.1.0)

PLATFORMS
  ruby

DEPENDENCIES
  date
  json

RUBY VERSION
   ruby 2.5.0p0

BUNDLED WITH
   1.16.1
