GEM
  remote: https://rubygems.org/
  specs:
    concurrent-ruby (1.0.5)
    date (1.0.0)
    json (2.1.0)
    minitest (5.11.3)
    thread_safe (0.3.6)
    tzinfo (1.2.5)
      thread_safe (~> 0.1)

PLATFORMS
  ruby

DEPENDENCIES
  date
  json

RUBY VERSION
   ruby 2.5.0p0

BUNDLED WITH
   1.16.1
